PATH
  remote: .
  specs:
    active_job-performs (0.3.0)
      activejob (>= 6.1)

GEM
  remote: https://rubygems.org/
  specs:
    activejob (7.1.2)
      activesupport (= 7.1.2)
      globalid (>= 0.3.6)
    activemodel (7.1.2)
      activesupport (= 7.1.2)
    activerecord (7.1.2)
      activemodel (= 7.1.2)
      activesupport (= 7.1.2)
      timeout (>= 0.4.0)
    activesupport (7.1.2)
      base64
      bigdecimal
      concurrent-ruby (~> 1.0, >= 1.0.2)
      connection_pool (>= 2.2.5)
      drb
      i18n (>= 1.6, < 2)
      minitest (>= 5.1)
      mutex_m
      tzinfo (~> 2.0)
    base64 (0.2.0)
    bigdecimal (3.1.5)
    concurrent-ruby (1.2.2)
    connection_pool (2.4.1)
    debug (1.9.1)
      irb (~> 1.10)
      reline (>= 0.3.8)
    drb (2.2.0)
      ruby2_keywords
    globalid (1.2.1)
      activesupport (>= 6.1)
    i18n (1.14.1)
      concurrent-ruby (~> 1.0)
    io-console (0.7.1)
    irb (1.11.1)
      rdoc
      reline (>= 0.4.2)
    minitest (5.21.1)
    minitest-sprint (1.2.2)
      path_expander (~> 1.1)
    mutex_m (0.2.0)
    path_expander (1.1.1)
    psych (5.1.2)
      stringio
    rake (13.1.0)
    rdoc (6.6.2)
      psych (>= 4.0.0)
    reline (0.4.2)
      io-console (~> 0.5)
    ruby2_keywords (0.0.5)
    sqlite3 (1.7.0-arm64-darwin)
    sqlite3 (1.7.0-x86_64-linux)
    stringio (3.1.0)
    timeout (0.4.1)
    tzinfo (2.0.6)
      concurrent-ruby (~> 1.0)

PLATFORMS
  arm64-darwin-20
  arm64-darwin-22
  arm64-darwin-23
  x86_64-linux

DEPENDENCIES
  active_job-performs!
  activejob (>= 7.1)
  activerecord (>= 7.1)
  debug
  minitest (~> 5.0)
  minitest-sprint
  rake (~> 13.0)
  sqlite3

BUNDLED WITH
   2.5.4
